GEM
  remote: https://rubygems.org/
  specs:
    activesupport (5.2.4.3)
      concurrent-ruby (~> 1.0, >= 1.0.2)
      i18n (>= 0.7, < 2)
      minitest (~> 5.1)
      tzinfo (~> 1.1)
    cldr-plurals (1.0.0)
    coderay (1.1.0)
    concurrent-ruby (1.1.7)
    i18n (1.8.5)
      concurrent-ruby (~> 1.0)
    method_source (0.8.2)
    minitest (5.14.2)
    multi_json (1.11.0)
    multipart-post (2.0.0)
    pry (0.10.1)
      coderay (~> 1.1.0)
      method_source (~> 0.8.1)
      slop (~> 3.4)
    slop (3.6.0)
    thread_safe (0.3.6)
    trollop (2.1.2)
    tzinfo (1.2.10)
      thread_safe (~> 0.1)
    web_translate_it (2.3.4)
      multi_json
      multipart-post (~> 2.0)
      trollop (~> 2.0)
    ya2yaml (0.31)

PLATFORMS
  ruby

DEPENDENCIES
  activesupport
  cldr-plurals
  pry
  web_translate_it
  ya2yaml

BUNDLED WITH
   1.16.2
